GEM
  remote: https://rubygems.org/
  specs:
    bundler-audit (0.9.1)
      bundler (>= 1.2.0, < 3)
      thor (~> 1.0)
    json (2.6.3)
    minitest (5.18.0)
    thor (1.2.1)

PLATFORMS
  x86_64-darwin-21

DEPENDENCIES
  bundler-audit
  json
  minitest

BUNDLED WITH
   2.3.22
